PATH
  remote: .
  specs:
    drum (0.1.0)
      thor (~> 0.20)

GEM
  remote: https://rubygems.org/
  specs:
    rake (12.3.3)
    thor (0.20.3)

PLATFORMS
  ruby
  x86_64-linux

DEPENDENCIES
  drum!
  rake (~> 12.0)

BUNDLED WITH
   2.2.3
