PATH
  remote: .
  specs:
    drum (0.1.0)
      rspotify (~> 2.10)
      sequel (~> 5.39)
      sqlite3 (~> 1.4)
      thor (~> 0.20)

GEM
  remote: https://rubygems.org/
  specs:
    addressable (2.5.2)
      public_suffix (>= 2.0.2, < 4.0)
    domain_name (0.5.20190701)
      unf (>= 0.0.5, < 1.0.0)
    faraday (1.0.1)
      multipart-post (>= 1.2, < 3)
    hashie (4.1.0)
    http-cookie (1.0.3)
      domain_name (~> 0.5)
    jwt (2.2.2)
    mime-types (3.3.1)
      mime-types-data (~> 3.2015)
    mime-types-data (3.2020.1104)
    multi_json (1.15.0)
    multi_xml (0.6.0)
    multipart-post (2.1.1)
    netrc (0.11.0)
    oauth2 (1.4.4)
      faraday (>= 0.8, < 2.0)
      jwt (>= 1.0, < 3.0)
      multi_json (~> 1.3)
      multi_xml (~> 0.5)
      rack (>= 1.2, < 3)
    omniauth (1.9.1)
      hashie (>= 3.4.6)
      rack (>= 1.6.2, < 3)
    omniauth-oauth2 (1.7.0)
      oauth2 (~> 1.4)
      omniauth (~> 1.9)
    public_suffix (3.1.1)
    rack (2.2.3)
    rake (12.3.3)
    rest-client (2.0.2)
      http-cookie (>= 1.0.2, < 2.0)
      mime-types (>= 1.16, < 4.0)
      netrc (~> 0.8)
    rspotify (2.10.1)
      addressable (~> 2.5.2)
      omniauth-oauth2 (>= 1.6)
      rest-client (~> 2.0.2)
    sequel (5.39.0)
    sqlite3 (1.4.2)
    thor (0.20.3)
    unf (0.1.4)
      unf_ext
    unf_ext (0.0.7.7)

PLATFORMS
  ruby
  x86_64-linux

DEPENDENCIES
  drum!
  rake (~> 12.0)

BUNDLED WITH
   2.2.3
